GEM
  remote: https://rubygems.org/
  specs:
    rack (2.0.3)
    rack-contrib (1.2.0)
      rack (>= 0.9.1)

PLATFORMS
  ruby

DEPENDENCIES
  rack
  rack-contrib

RUBY VERSION
   ruby 2.5.0p0

BUNDLED WITH
   1.16.1
